STORAGE: NONE
RESTRICTION: == net6.0
NUGET
  remote: https://api.nuget.org/v3/index.json
    Avalonia (11.0.2)
      Avalonia.BuildServices (>= 0.0.28)
      Avalonia.Remote.Protocol (>= 11.0.2)
      MicroCom.Runtime (>= 0.11)
      System.ComponentModel.Annotations (>= 4.5)
    Avalonia.Angle.Windows.Natives (2.1.0.2023020321)
    Avalonia.BuildServices (0.0.28)
    Avalonia.Controls.ColorPicker (11.0.2)
      Avalonia (>= 11.0.2)
      Avalonia.Remote.Protocol (>= 11.0.2)
    Avalonia.Controls.DataGrid (11.0.2)
      Avalonia (>= 11.0.2)
      Avalonia.Remote.Protocol (>= 11.0.2)
    Avalonia.Desktop (11.0.2)
      Avalonia (>= 11.0.2)
      Avalonia.Native (>= 11.0.2)
      Avalonia.Skia (>= 11.0.2)
      Avalonia.Win32 (>= 11.0.2)
      Avalonia.X11 (>= 11.0.2)
    Avalonia.Diagnostics (11.0.2)
      Avalonia (>= 11.0.2)
      Avalonia.Controls.ColorPicker (>= 11.0.2)
      Avalonia.Controls.DataGrid (>= 11.0.2)
      Avalonia.Themes.Simple (>= 11.0.2)
      Microsoft.CodeAnalysis.Common (>= 3.8)
      Microsoft.CodeAnalysis.CSharp.Scripting (>= 3.8)
    Avalonia.FreeDesktop (11.0.2)
      Avalonia (>= 11.0.2)
      Tmds.DBus.Protocol (>= 0.15)
    Avalonia.FuncUI (1.0)
      Avalonia (>= 11.0)
      Avalonia.Controls.DataGrid (>= 11.0)
      FSharp.Core (>= 7.0.300)
    Avalonia.FuncUI.Elmish (1.0)
      Avalonia.FuncUI (>= 1.0)
      Elmish (>= 4.0)
      FSharp.Core (>= 7.0.300)
    Avalonia.Native (11.0.2)
      Avalonia (>= 11.0.2)
    Avalonia.Remote.Protocol (11.0.2)
    Avalonia.Skia (11.0.2)
      Avalonia (>= 11.0.2)
      HarfBuzzSharp (>= 2.8.2.3)
      HarfBuzzSharp.NativeAssets.Linux (>= 2.8.2.3)
      HarfBuzzSharp.NativeAssets.WebAssembly (>= 2.8.2.3)
      SkiaSharp (>= 2.88.3)
      SkiaSharp.NativeAssets.Linux (>= 2.88.3)
      SkiaSharp.NativeAssets.WebAssembly (>= 2.88.3)
    Avalonia.Themes.Fluent (11.0.2)
      Avalonia (>= 11.0.2)
    Avalonia.Themes.Simple (11.0.2)
      Avalonia (>= 11.0.2)
    Avalonia.Win32 (11.0.2)
      Avalonia (>= 11.0.2)
      Avalonia.Angle.Windows.Natives (>= 2.1.0.2023020321)
      System.Drawing.Common (>= 6.0)
      System.Numerics.Vectors (>= 4.5)
    Avalonia.X11 (11.0.2)
      Avalonia (>= 11.0.2)
      Avalonia.FreeDesktop (>= 11.0.2)
      Avalonia.Skia (>= 11.0.2)
    BenchmarkDotNet (0.13.6)
      BenchmarkDotNet.Annotations (>= 0.13.6)
      CommandLineParser (>= 2.9.1)
      Gee.External.Capstone (>= 2.3)
      Iced (>= 1.17)
      Microsoft.CodeAnalysis.CSharp (>= 4.1)
      Microsoft.Diagnostics.Runtime (>= 2.2.332302)
      Microsoft.Diagnostics.Tracing.TraceEvent (>= 3.0.2)
      Microsoft.DotNet.PlatformAbstractions (>= 3.1.6)
      Perfolizer (0.2.1)
      System.Management (>= 5.0)
    BenchmarkDotNet.Annotations (0.13.6)
    CommandLineParser (2.9.1)
    DotNet.Bundle (0.9.13)
    Elmish (4.0.2)
    Expecto (9.0.4)
      FSharp.Core (>= 4.6)
      Mono.Cecil (>= 0.11.3)
    Expecto.BenchmarkDotNet (10.1)
      BenchmarkDotNet (>= 0.13.5 < 0.14)
      FSharp.Core (>= 7.0.200)
    Expecto.FsCheck (9.0.4)
      Expecto (>= 9.0.4)
      FsCheck (>= 2.14.3)
    FsCheck (2.16.6)
      FSharp.Core (>= 4.2.3)
    FSharp.Core (7.0.300)
    FSharpPlus (1.4.1)
      FSharp.Core (>= 6.0.6)
    Gee.External.Capstone (2.3)
    GitInfo (2.3) - copy_local: true
    HarfBuzzSharp (2.8.2.3)
      HarfBuzzSharp.NativeAssets.macOS (>= 2.8.2.3)
      HarfBuzzSharp.NativeAssets.Win32 (>= 2.8.2.3)
    HarfBuzzSharp.NativeAssets.Linux (2.8.2.3)
      HarfBuzzSharp (>= 2.8.2.3)
    HarfBuzzSharp.NativeAssets.macOS (2.8.2.3)
    HarfBuzzSharp.NativeAssets.WebAssembly (2.8.2.3)
    HarfBuzzSharp.NativeAssets.Win32 (2.8.2.3)
    Iced (1.20)
    libsodium (1.0.18.4)
    MicroCom.Runtime (0.11)
    Microsoft.Build.Tasks.Git (1.1.1) - copy_local: true
    Microsoft.CodeAnalysis.Analyzers (3.3.4)
    Microsoft.CodeAnalysis.Common (4.6)
      Microsoft.CodeAnalysis.Analyzers (>= 3.3.4)
      System.Collections.Immutable (>= 7.0)
      System.Reflection.Metadata (>= 7.0)
      System.Runtime.CompilerServices.Unsafe (>= 6.0)
      System.Text.Encoding.CodePages (>= 7.0)
    Microsoft.CodeAnalysis.CSharp (4.6)
      Microsoft.CodeAnalysis.Common (4.6)
    Microsoft.CodeAnalysis.CSharp.Scripting (4.6)
      Microsoft.CodeAnalysis.Common (4.6)
      Microsoft.CodeAnalysis.CSharp (4.6)
      Microsoft.CodeAnalysis.Scripting.Common (4.6)
      Microsoft.CSharp (>= 4.7)
    Microsoft.CodeAnalysis.Scripting.Common (4.6)
      Microsoft.CodeAnalysis.Common (4.6)
    Microsoft.CodeCoverage (17.6.3)
    Microsoft.CSharp (4.7)
    Microsoft.Diagnostics.NETCore.Client (0.2.430602)
      Microsoft.Extensions.Logging (>= 6.0)
    Microsoft.Diagnostics.Runtime (2.4.416101)
      Microsoft.Diagnostics.NETCore.Client (>= 0.2.251802)
      System.Collections.Immutable (>= 5.0)
      System.Runtime.CompilerServices.Unsafe (>= 5.0)
    Microsoft.Diagnostics.Tracing.TraceEvent (3.1.3)
      System.Runtime.CompilerServices.Unsafe (>= 5.0)
    Microsoft.DotNet.PlatformAbstractions (3.1.6)
    Microsoft.Extensions.DependencyInjection (7.0)
      Microsoft.Extensions.DependencyInjection.Abstractions (>= 7.0)
    Microsoft.Extensions.DependencyInjection.Abstractions (7.0)
    Microsoft.Extensions.Logging (7.0)
      Microsoft.Extensions.DependencyInjection (>= 7.0)
      Microsoft.Extensions.DependencyInjection.Abstractions (>= 7.0)
      Microsoft.Extensions.Logging.Abstractions (>= 7.0)
      Microsoft.Extensions.Options (>= 7.0)
    Microsoft.Extensions.Logging.Abstractions (7.0.1)
    Microsoft.Extensions.Options (7.0.1)
      Microsoft.Extensions.DependencyInjection.Abstractions (>= 7.0)
      Microsoft.Extensions.Primitives (>= 7.0)
    Microsoft.Extensions.Primitives (7.0)
      System.Runtime.CompilerServices.Unsafe (>= 6.0)
    Microsoft.NET.Test.Sdk (17.6.3)
      Microsoft.CodeCoverage (>= 17.6.3)
      Microsoft.TestPlatform.TestHost (>= 17.6.3)
    Microsoft.SourceLink.Common (1.1.1) - copy_local: true
    Microsoft.SourceLink.GitHub (1.1.1) - copy_local: true
      Microsoft.Build.Tasks.Git (>= 1.1.1)
      Microsoft.SourceLink.Common (>= 1.1.1)
    Microsoft.TestPlatform.ObjectModel (17.6.3)
      NuGet.Frameworks (>= 6.5)
      System.Reflection.Metadata (>= 1.6)
    Microsoft.TestPlatform.TestHost (17.6.3)
      Microsoft.TestPlatform.ObjectModel (>= 17.6.3)
      Newtonsoft.Json (>= 13.0.1)
    Microsoft.Win32.SystemEvents (7.0)
    Milekic.YoLo (3.4) - storage: packages
      FSharp.Core (>= 6.0)
    Mono.Cecil (0.11.5)
    Newtonsoft.Json (13.0.3)
    NuGet.Frameworks (6.6.1)
    Perfolizer (0.2.1)
      System.Memory (>= 4.5.3)
    SkiaSharp (2.88.3)
      SkiaSharp.NativeAssets.macOS (>= 2.88.3)
      SkiaSharp.NativeAssets.Win32 (>= 2.88.3)
    SkiaSharp.NativeAssets.Linux (2.88.3)
      SkiaSharp (>= 2.88.3)
    SkiaSharp.NativeAssets.macOS (2.88.3)
    SkiaSharp.NativeAssets.WebAssembly (2.88.3)
    SkiaSharp.NativeAssets.Win32 (2.88.3)
    System.CodeDom (7.0)
    System.Collections.Immutable (7.0)
      System.Runtime.CompilerServices.Unsafe (>= 6.0)
    System.ComponentModel.Annotations (5.0)
    System.Drawing.Common (7.0)
      Microsoft.Win32.SystemEvents (>= 7.0)
    System.IO.Pipelines (7.0)
    System.Management (7.0.2)
      System.CodeDom (>= 7.0)
    System.Memory (4.5.5)
    System.Numerics.Vectors (4.5)
    System.Reflection.Metadata (7.0.2)
      System.Collections.Immutable (>= 7.0)
    System.Runtime.CompilerServices.Unsafe (6.0)
    System.Text.Encoding.CodePages (7.0)
      System.Runtime.CompilerServices.Unsafe (>= 6.0)
    Tmds.DBus.Protocol (0.15)
      System.IO.Pipelines (>= 6.0)
    Unquote (6.1)
      FSharp.Core (>= 4.7.2)
    YoloDev.Expecto.TestSdk (1.0)
      Expecto (>= 9.0 < 10.0)
      FSharp.Core (>= 4.6)
      System.Collections.Immutable (>= 1.7.1)
  remote: https://nuget.nikolamilekic.com/index.json
    FsSodium (0.5.0-dev.0)
      FSharp.Core (>= 6.0)
      FSharpPlus (>= 1.2.2)
      libsodium (>= 1.0.18.1)
      Milekic.YoLo (>= 3.0.0-dev.43)
    Milekic.FsBech32 (1.0.0)
      FSharp.Core (>= 6.0)
      FSharpPlus (>= 1.2.2)
      Milekic.YoLo (>= 3.1)

GROUP Console
STORAGE: NONE
RESTRICTION: == net6.0
NUGET
  remote: https://api.nuget.org/v3/index.json
    Argu (6.1.1)
      FSharp.Core (>= 4.3.2)
      System.Configuration.ConfigurationManager (>= 4.4)
    Devlooped.SponsorLink (0.11)
    FSharp.Core (7.0.300)
    FSharpPlus (1.4.1)
      FSharp.Core (>= 6.0.6)
    GitInfo (3.1.1)
      Devlooped.SponsorLink (>= 0.11)
      ThisAssembly.Constants (>= 1.2.15)
    Microsoft.CSharp (4.7)
    Microsoft.Win32.SystemEvents (7.0)
    Milekic.YoLo (3.4)
      FSharp.Core (>= 6.0)
    System.Configuration.ConfigurationManager (7.0)
      System.Security.Cryptography.ProtectedData (>= 7.0)
      System.Security.Permissions (>= 7.0)
    System.Drawing.Common (7.0)
      Microsoft.Win32.SystemEvents (>= 7.0)
    System.Security.Cryptography.ProtectedData (7.0.1)
    System.Security.Permissions (7.0)
      System.Windows.Extensions (>= 7.0)
    System.Threading.Tasks.Extensions (4.5.4)
    System.Windows.Extensions (7.0)
      System.Drawing.Common (>= 7.0)
    ThisAssembly.Constants (1.3.1)
      Devlooped.SponsorLink (>= 0.11)
      Microsoft.CSharp (>= 4.7)
      System.Threading.Tasks.Extensions (>= 4.5.4)
