STORAGE: NONE
STRATEGY: MIN
RESTRICTION: == net6.0
NUGET
  remote: https://api.nuget.org/v3/index.json
    Avalonia (0.10.21)
      Avalonia.BuildServices (>= 0.0.16)
      Avalonia.Remote.Protocol (>= 0.10.21)
      JetBrains.Annotations (>= 10.3)
      System.ComponentModel.Annotations (>= 4.5)
      System.Memory (>= 4.5.3)
      System.Reactive (>= 5.0)
      System.Runtime.CompilerServices.Unsafe (>= 4.6)
      System.ValueTuple (>= 4.5)
    Avalonia.Angle.Windows.Natives (2.1.0.2020091801)
    Avalonia.BuildServices (0.0.28)
    Avalonia.Controls.DataGrid (0.10.21)
      Avalonia (>= 0.10.21)
      Avalonia.Remote.Protocol (>= 0.10.21)
      JetBrains.Annotations (>= 10.3)
      System.Reactive (>= 5.0)
    Avalonia.Desktop (0.10.15)
      Avalonia (>= 0.10.15)
      Avalonia.Native (>= 0.10.15)
      Avalonia.Skia (>= 0.10.15)
      Avalonia.Win32 (>= 0.10.15)
      Avalonia.X11 (>= 0.10.15)
    Avalonia.Diagnostics (0.10.21)
      Avalonia (>= 0.10.21)
      Avalonia.Controls.DataGrid (>= 0.10.21)
      Microsoft.CodeAnalysis.CSharp.Scripting (>= 3.4)
      System.Reactive (>= 5.0)
    Avalonia.FreeDesktop (0.10.15)
      Avalonia (>= 0.10.15)
      Tmds.DBus (>= 0.9)
    Avalonia.Native (0.10.15)
      Avalonia (>= 0.10.15)
    Avalonia.Remote.Protocol (11.0.1)
    Avalonia.Skia (0.10.15)
      Avalonia (>= 0.10.15)
      HarfBuzzSharp (>= 2.8.2-preview.178)
      HarfBuzzSharp.NativeAssets.Linux (>= 2.8.2-preview.178)
      HarfBuzzSharp.NativeAssets.WebAssembly (>= 2.8.2-preview.178)
      SkiaSharp (>= 2.88.1-preview.1)
      SkiaSharp.NativeAssets.Linux (>= 2.88.1-preview.1)
      SkiaSharp.NativeAssets.WebAssembly (>= 2.88.1-preview.1)
    Avalonia.Win32 (0.10.15)
      Avalonia (>= 0.10.15)
      Avalonia.Angle.Windows.Natives (>= 2.1.0.2020091801)
      System.Drawing.Common (>= 4.5)
      System.Numerics.Vectors (>= 4.5)
    Avalonia.X11 (0.10.15)
      Avalonia (>= 0.10.15)
      Avalonia.FreeDesktop (>= 0.10.15)
      Avalonia.Skia (>= 0.10.15)
    BenchmarkDotNet (0.12.1)
      BenchmarkDotNet.Annotations (>= 0.12.1)
      CommandLineParser (>= 2.4.3)
      Iced (>= 1.4)
      Microsoft.CodeAnalysis.CSharp (>= 2.10)
      Microsoft.Diagnostics.NETCore.Client (>= 0.2.61701)
      Microsoft.Diagnostics.Runtime (>= 1.1.57604)
      Microsoft.Diagnostics.Tracing.TraceEvent (>= 2.0.49)
      Microsoft.DotNet.PlatformAbstractions (>= 2.1)
      Microsoft.Win32.Registry (>= 4.5)
      Perfolizer (>= 0.2.1)
      System.Management (>= 4.5)
      System.Reflection.Emit (>= 4.3)
      System.Reflection.Emit.Lightweight (>= 4.3)
      System.Threading.Tasks.Extensions (>= 4.5.2)
      System.ValueTuple (>= 4.5)
    BenchmarkDotNet.Annotations (0.12.1)
    CommandLineParser (2.4.3)
    DotNet.Bundle (0.9.13)
    Elmish (3.1)
      FSharp.Core (>= 4.6.2)
    Expecto (9.0.4)
      FSharp.Core (>= 4.6)
      Mono.Cecil (>= 0.11.3)
    Expecto.BenchmarkDotNet (9.0.4)
      BenchmarkDotNet (>= 0.12.1)
      FSharp.Core (>= 4.6)
    Expecto.FsCheck (9.0.4)
      Expecto (>= 9.0.4)
      FsCheck (>= 2.14.3)
    FsCheck (2.14.3)
      FSharp.Core (>= 4.2.3)
    FSharp.Core (6.0.4)
    FSharpPlus (1.2.5)
      FSharp.Core (>= 4.6.2)
    GitInfo (2.3) - copy_local: true
    HarfBuzzSharp (2.8.2-preview.178)
      HarfBuzzSharp.NativeAssets.macOS (>= 2.8.2-preview.178)
      HarfBuzzSharp.NativeAssets.Win32 (>= 2.8.2-preview.178)
      System.Memory (>= 4.5.3)
    HarfBuzzSharp.NativeAssets.Linux (2.8.2-preview.178)
      HarfBuzzSharp (>= 2.8.2-preview.178)
    HarfBuzzSharp.NativeAssets.macOS (2.8.2-preview.178)
    HarfBuzzSharp.NativeAssets.WebAssembly (2.8.2-preview.178)
    HarfBuzzSharp.NativeAssets.Win32 (2.8.2-preview.178)
    Iced (1.4)
    JaggerJo.Avalonia.FuncUI (0.5.3)
      Avalonia (>= 0.10.15)
      Avalonia.Desktop (>= 0.10.15)
      FSharp.Core (>= 6.0.4)
    JaggerJo.Avalonia.FuncUI.DSL (0.5.3)
      FSharp.Core (>= 6.0.4)
      JaggerJo.Avalonia.FuncUI (>= 0.5.3)
    JaggerJo.Avalonia.FuncUI.Elmish (0.5.3)
      Elmish (>= 3.1)
      FSharp.Core (>= 6.0.4)
      JaggerJo.Avalonia.FuncUI (>= 0.5.3)
    JetBrains.Annotations (10.3)
      System.Runtime (>= 4.1)
    libsodium (1.0.18.1)
    Microsoft.Build.Tasks.Git (1.1.1) - copy_local: true
    Microsoft.CodeAnalysis.Analyzers (3.0)
    Microsoft.CodeAnalysis.Common (3.8)
      Microsoft.CodeAnalysis.Analyzers (>= 3.0)
      System.Collections.Immutable (>= 5.0)
      System.Memory (>= 4.5.4)
      System.Reflection.Metadata (>= 5.0)
      System.Runtime.CompilerServices.Unsafe (>= 4.7.1)
      System.Text.Encoding.CodePages (>= 4.5.1)
      System.Threading.Tasks.Extensions (>= 4.5.4)
    Microsoft.CodeAnalysis.CSharp (3.8)
      Microsoft.CodeAnalysis.Common (3.8)
    Microsoft.CodeAnalysis.CSharp.Scripting (3.8)
      Microsoft.CodeAnalysis.Common (3.8)
      Microsoft.CodeAnalysis.CSharp (3.8)
      Microsoft.CodeAnalysis.Scripting.Common (3.8)
      Microsoft.CSharp (>= 4.3)
    Microsoft.CodeAnalysis.Scripting.Common (3.8)
      Microsoft.CodeAnalysis.Common (3.8)
    Microsoft.CodeCoverage (17.6.3)
    Microsoft.CSharp (4.3)
      System.Collections (>= 4.3)
      System.Diagnostics.Debug (>= 4.3)
      System.Dynamic.Runtime (>= 4.3)
      System.Globalization (>= 4.3)
      System.Linq (>= 4.3)
      System.Linq.Expressions (>= 4.3)
      System.ObjectModel (>= 4.3)
      System.Reflection (>= 4.3)
      System.Reflection.Extensions (>= 4.3)
      System.Reflection.Primitives (>= 4.3)
      System.Reflection.TypeExtensions (>= 4.3)
      System.Resources.ResourceManager (>= 4.3)
      System.Runtime (>= 4.3)
      System.Runtime.Extensions (>= 4.3)
      System.Runtime.InteropServices (>= 4.3)
      System.Threading (>= 4.3)
    Microsoft.Diagnostics.NETCore.Client (0.2.61701)
    Microsoft.Diagnostics.Runtime (1.1.57604)
    Microsoft.Diagnostics.Tracing.TraceEvent (2.0.49)
    Microsoft.DotNet.PlatformAbstractions (2.1)
      System.AppContext (>= 4.1)
      System.Collections (>= 4.0.11)
      System.IO (>= 4.1)
      System.IO.FileSystem (>= 4.0.1)
      System.Reflection.TypeExtensions (>= 4.1)
      System.Runtime.Extensions (>= 4.1)
      System.Runtime.InteropServices (>= 4.1)
      System.Runtime.InteropServices.RuntimeInformation (>= 4.0)
    Microsoft.NET.Test.Sdk (17.6.3)
      Microsoft.CodeCoverage (>= 17.6.3)
      Microsoft.TestPlatform.TestHost (>= 17.6.3)
    Microsoft.NETCore.Platforms (2.1.2)
    Microsoft.NETCore.Targets (1.1)
    Microsoft.SourceLink.Common (1.1.1) - copy_local: true
    Microsoft.SourceLink.GitHub (1.1.1) - copy_local: true
      Microsoft.Build.Tasks.Git (>= 1.1.1)
      Microsoft.SourceLink.Common (>= 1.1.1)
    Microsoft.TestPlatform.ObjectModel (17.6.3)
      NuGet.Frameworks (>= 6.5)
      System.Reflection.Metadata (>= 1.6)
    Microsoft.TestPlatform.TestHost (17.6.3)
      Microsoft.TestPlatform.ObjectModel (>= 17.6.3)
      Newtonsoft.Json (>= 13.0.1)
    Microsoft.Win32.Registry (4.5)
      System.Security.AccessControl (>= 4.5)
      System.Security.Principal.Windows (>= 4.5)
    Microsoft.Win32.SystemEvents (4.5)
      Microsoft.NETCore.Platforms (>= 2.0)
    Milekic.YoLo (3.4) - storage: packages
      FSharp.Core (>= 6.0)
    Mono.Cecil (0.11.3)
    Newtonsoft.Json (13.0.1)
    NuGet.Frameworks (6.5)
    Perfolizer (0.2.1)
      System.Memory (>= 4.5.3)
    runtime.native.System (4.3)
      Microsoft.NETCore.Platforms (>= 1.1)
      Microsoft.NETCore.Targets (>= 1.1)
    SkiaSharp (2.88.1-preview.1)
      SkiaSharp.NativeAssets.macOS (>= 2.88.1-preview.1)
      SkiaSharp.NativeAssets.Win32 (>= 2.88.1-preview.1)
      System.Memory (>= 4.5.3)
    SkiaSharp.NativeAssets.Linux (2.88.1-preview.1)
      SkiaSharp (>= 2.88.1-preview.1)
    SkiaSharp.NativeAssets.macOS (2.88.1-preview.1)
    SkiaSharp.NativeAssets.WebAssembly (2.88.1-preview.1)
    SkiaSharp.NativeAssets.Win32 (2.88.1-preview.1)
    System.AppContext (4.3)
      System.Runtime (>= 4.3)
    System.CodeDom (4.5)
    System.Collections (4.3)
      Microsoft.NETCore.Platforms (>= 1.1)
      Microsoft.NETCore.Targets (>= 1.1)
      System.Runtime (>= 4.3)
    System.Collections.Immutable (5.0)
    System.ComponentModel.Annotations (4.5)
    System.Diagnostics.Debug (4.3)
      Microsoft.NETCore.Platforms (>= 1.1)
      Microsoft.NETCore.Targets (>= 1.1)
      System.Runtime (>= 4.3)
    System.Drawing.Common (4.5)
      Microsoft.NETCore.Platforms (>= 2.0)
      Microsoft.Win32.SystemEvents (>= 4.5)
    System.Dynamic.Runtime (4.3)
      System.Collections (>= 4.3)
      System.Diagnostics.Debug (>= 4.3)
      System.Linq (>= 4.3)
      System.Linq.Expressions (>= 4.3)
      System.ObjectModel (>= 4.3)
      System.Reflection (>= 4.3)
      System.Reflection.Emit (>= 4.3)
      System.Reflection.Emit.ILGeneration (>= 4.3)
      System.Reflection.Primitives (>= 4.3)
      System.Reflection.TypeExtensions (>= 4.3)
      System.Resources.ResourceManager (>= 4.3)
      System.Runtime (>= 4.3)
      System.Runtime.Extensions (>= 4.3)
      System.Threading (>= 4.3)
    System.Globalization (4.3)
      Microsoft.NETCore.Platforms (>= 1.1)
      Microsoft.NETCore.Targets (>= 1.1)
      System.Runtime (>= 4.3)
    System.IO (4.3)
      Microsoft.NETCore.Platforms (>= 1.1)
      Microsoft.NETCore.Targets (>= 1.1)
      System.Runtime (>= 4.3)
      System.Text.Encoding (>= 4.3)
      System.Threading.Tasks (>= 4.3)
    System.IO.FileSystem (4.3)
      Microsoft.NETCore.Platforms (>= 1.1)
      Microsoft.NETCore.Targets (>= 1.1)
      System.IO (>= 4.3)
      System.IO.FileSystem.Primitives (>= 4.3)
      System.Runtime (>= 4.3)
      System.Runtime.Handles (>= 4.3)
      System.Text.Encoding (>= 4.3)
      System.Threading.Tasks (>= 4.3)
    System.IO.FileSystem.Primitives (4.3)
      System.Runtime (>= 4.3)
    System.Linq (4.3)
      System.Collections (>= 4.3)
      System.Diagnostics.Debug (>= 4.3)
      System.Resources.ResourceManager (>= 4.3)
      System.Runtime (>= 4.3)
      System.Runtime.Extensions (>= 4.3)
    System.Linq.Expressions (4.3)
      System.Collections (>= 4.3)
      System.Diagnostics.Debug (>= 4.3)
      System.Globalization (>= 4.3)
      System.IO (>= 4.3)
      System.Linq (>= 4.3)
      System.ObjectModel (>= 4.3)
      System.Reflection (>= 4.3)
      System.Reflection.Emit (>= 4.3)
      System.Reflection.Emit.ILGeneration (>= 4.3)
      System.Reflection.Emit.Lightweight (>= 4.3)
      System.Reflection.Extensions (>= 4.3)
      System.Reflection.Primitives (>= 4.3)
      System.Reflection.TypeExtensions (>= 4.3)
      System.Resources.ResourceManager (>= 4.3)
      System.Runtime (>= 4.3)
      System.Runtime.Extensions (>= 4.3)
      System.Threading (>= 4.3)
    System.Management (4.5)
      Microsoft.NETCore.Platforms (>= 2.0)
      Microsoft.Win32.Registry (>= 4.5)
      System.CodeDom (>= 4.5)
    System.Memory (4.5.4)
    System.Numerics.Vectors (4.5)
    System.ObjectModel (4.3)
      System.Collections (>= 4.3)
      System.Diagnostics.Debug (>= 4.3)
      System.Resources.ResourceManager (>= 4.3)
      System.Runtime (>= 4.3)
      System.Threading (>= 4.3)
    System.Reactive (5.0)
    System.Reflection (4.3)
      Microsoft.NETCore.Platforms (>= 1.1)
      Microsoft.NETCore.Targets (>= 1.1)
      System.IO (>= 4.3)
      System.Reflection.Primitives (>= 4.3)
      System.Runtime (>= 4.3)
    System.Reflection.Emit (4.3)
      System.IO (>= 4.3)
      System.Reflection (>= 4.3)
      System.Reflection.Emit.ILGeneration (>= 4.3)
      System.Reflection.Primitives (>= 4.3)
      System.Runtime (>= 4.3)
    System.Reflection.Emit.ILGeneration (4.3)
      System.Reflection (>= 4.3)
      System.Reflection.Primitives (>= 4.3)
      System.Runtime (>= 4.3)
    System.Reflection.Emit.Lightweight (4.3)
      System.Reflection (>= 4.3)
      System.Reflection.Emit.ILGeneration (>= 4.3)
      System.Reflection.Primitives (>= 4.3)
      System.Runtime (>= 4.3)
    System.Reflection.Extensions (4.3)
      Microsoft.NETCore.Platforms (>= 1.1)
      Microsoft.NETCore.Targets (>= 1.1)
      System.Reflection (>= 4.3)
      System.Runtime (>= 4.3)
    System.Reflection.Metadata (5.0)
    System.Reflection.Primitives (4.3)
      Microsoft.NETCore.Platforms (>= 1.1)
      Microsoft.NETCore.Targets (>= 1.1)
      System.Runtime (>= 4.3)
    System.Reflection.TypeExtensions (4.3)
      System.Reflection (>= 4.3)
      System.Runtime (>= 4.3)
    System.Resources.ResourceManager (4.3)
      Microsoft.NETCore.Platforms (>= 1.1)
      Microsoft.NETCore.Targets (>= 1.1)
      System.Globalization (>= 4.3)
      System.Reflection (>= 4.3)
      System.Runtime (>= 4.3)
    System.Runtime (4.3)
      Microsoft.NETCore.Platforms (>= 1.1)
      Microsoft.NETCore.Targets (>= 1.1)
    System.Runtime.CompilerServices.Unsafe (4.7.1)
    System.Runtime.Extensions (4.3)
      Microsoft.NETCore.Platforms (>= 1.1)
      Microsoft.NETCore.Targets (>= 1.1)
      System.Runtime (>= 4.3)
    System.Runtime.Handles (4.3)
      Microsoft.NETCore.Platforms (>= 1.1)
      Microsoft.NETCore.Targets (>= 1.1)
      System.Runtime (>= 4.3)
    System.Runtime.InteropServices (4.3)
      Microsoft.NETCore.Platforms (>= 1.1)
      Microsoft.NETCore.Targets (>= 1.1)
      System.Reflection (>= 4.3)
      System.Reflection.Primitives (>= 4.3)
      System.Runtime (>= 4.3)
      System.Runtime.Handles (>= 4.3)
    System.Runtime.InteropServices.RuntimeInformation (4.0)
      Microsoft.NETCore.Platforms (>= 1.0.1)
      runtime.native.System (>= 4.0)
      System.Reflection (>= 4.1)
      System.Resources.ResourceManager (>= 4.0.1)
      System.Runtime (>= 4.1)
      System.Runtime.InteropServices (>= 4.1)
      System.Threading (>= 4.0.11)
    System.Security.AccessControl (4.5)
      Microsoft.NETCore.Platforms (>= 2.0)
      System.Security.Principal.Windows (>= 4.5)
    System.Security.Principal.Windows (4.5)
      Microsoft.NETCore.Platforms (>= 2.0)
    System.Text.Encoding (4.3)
      Microsoft.NETCore.Platforms (>= 1.1)
      Microsoft.NETCore.Targets (>= 1.1)
      System.Runtime (>= 4.3)
    System.Text.Encoding.CodePages (4.5.1)
      Microsoft.NETCore.Platforms (>= 2.1.2)
      System.Runtime.CompilerServices.Unsafe (>= 4.5.2)
    System.Threading (4.3)
      System.Runtime (>= 4.3)
      System.Threading.Tasks (>= 4.3)
    System.Threading.Tasks (4.3)
      Microsoft.NETCore.Platforms (>= 1.1)
      Microsoft.NETCore.Targets (>= 1.1)
      System.Runtime (>= 4.3)
    System.Threading.Tasks.Extensions (4.5.4)
    System.ValueTuple (4.5)
    Tmds.DBus (0.14)
    Unquote (6.1)
      FSharp.Core (>= 4.7.2)
    YoloDev.Expecto.TestSdk (1.0)
      Expecto (>= 9.0 < 10.0)
      FSharp.Core (>= 4.6)
      System.Collections.Immutable (>= 1.7.1)
  remote: https://nuget.nikolamilekic.com/index.json
    FsSodium (0.5.0-dev.0)
      FSharp.Core (>= 6.0)
      FSharpPlus (>= 1.2.2)
      libsodium (>= 1.0.18.1)
      Milekic.YoLo (>= 3.0.0-dev.43)

GROUP Console
STORAGE: NONE
RESTRICTION: == net6.0
NUGET
  remote: https://api.nuget.org/v3/index.json
    Argu (6.1.1)
      FSharp.Core (>= 4.3.2)
      System.Configuration.ConfigurationManager (>= 4.4)
    Devlooped.SponsorLink (0.11)
    FSharp.Core (7.0.300)
    FSharpPlus (1.4.1)
      FSharp.Core (>= 6.0.6)
    GitInfo (3.1.1)
      Devlooped.SponsorLink (>= 0.11)
      ThisAssembly.Constants (>= 1.2.15)
    Microsoft.CSharp (4.7)
    Microsoft.Win32.SystemEvents (7.0)
    Milekic.YoLo (3.4)
      FSharp.Core (>= 6.0)
    System.Configuration.ConfigurationManager (7.0)
      System.Security.Cryptography.ProtectedData (>= 7.0)
      System.Security.Permissions (>= 7.0)
    System.Drawing.Common (7.0)
      Microsoft.Win32.SystemEvents (>= 7.0)
    System.Security.Cryptography.ProtectedData (7.0.1)
    System.Security.Permissions (7.0)
      System.Windows.Extensions (>= 7.0)
    System.Threading.Tasks.Extensions (4.5.4)
    System.Windows.Extensions (7.0)
      System.Drawing.Common (>= 7.0)
    ThisAssembly.Constants (1.3.1)
      Devlooped.SponsorLink (>= 0.11)
      Microsoft.CSharp (>= 4.7)
      System.Threading.Tasks.Extensions (>= 4.5.4)
